PATH
  remote: .
  specs:
    compare_linker_wrapper (0.1.0)
      bundler
      compare_linker
      git
      octokit
      thor

GEM
  remote: https://rubygems.org/
  specs:
    addressable (2.3.7)
    byebug (3.5.1)
      columnize (~> 0.8)
      debugger-linecache (~> 1.2)
      slop (~> 3.6)
    coderay (1.1.0)
    columnize (0.9.0)
    compare_linker (1.1.2)
      httpclient
      octokit
    debugger-linecache (1.2.0)
    faraday (0.9.1)
      multipart-post (>= 1.2, < 3)
    git (1.2.9.1)
    httpclient (2.6.0.1)
    method_source (0.8.2)
    multipart-post (2.0.0)
    octokit (3.8.2)
      sawyer (~> 0.6.0, >= 0.5.3)
    power_assert (0.2.3)
    pry (0.10.1)
      coderay (~> 1.1.0)
      method_source (~> 0.8.1)
      slop (~> 3.4)
    rake (10.4.2)
    sawyer (0.6.0)
      addressable (~> 2.3.5)
      faraday (~> 0.8, < 0.10)
    slop (3.6.0)
    test-unit (3.0.9)
      power_assert
    thor (0.19.1)

PLATFORMS
  ruby

DEPENDENCIES
  bundler (~> 1.8)
  byebug
  compare_linker_wrapper!
  pry
  rake (~> 10.0)
  test-unit
